GEM
  remote: https://rubygems.org/
  specs:
    addressable (2.7.0)
      public_suffix (>= 2.0.2, < 5.0)
    ast (2.4.1)
    choria-mcorpc-support (2.22.1)
      nats-pure (~> 0.6)
      systemu (~> 2.6, >= 2.6.4)
    concurrent-ruby (1.1.7)
    coveralls (0.8.23)
      json (>= 1.8, < 3)
      simplecov (~> 0.16.1)
      term-ansicolor (~> 1.3)
      thor (>= 0.19.4, < 2.0)
      tins (~> 1.6)
    crack (0.4.4)
    deep_merge (1.2.1)
    diff-lcs (1.4.4)
    diplomat (2.4.2)
      deep_merge (~> 1.0, >= 1.0.1)
      faraday (>= 0.9, < 1.1.0)
    docile (1.3.4)
    etcdv3 (0.10.2)
      grpc (~> 1.17)
    facter (4.0.47)
      hocon (~> 1.3)
      thor (>= 1.0.1, < 2.0)
    faraday (1.0.1)
      multipart-post (>= 1.2, < 3)
    fast_gettext (1.8.0)
    ffi (1.14.2)
    google-protobuf (3.14.0)
    googleapis-common-protos-types (1.0.5)
      google-protobuf (~> 3.11)
    grpc (1.34.0)
      google-protobuf (~> 3.13)
      googleapis-common-protos-types (~> 1.0)
    hashdiff (1.0.1)
    hiera (3.6.0)
    hocon (1.3.1)
    httpclient (2.8.3)
    jgrep (1.5.4)
    json (2.4.1)
    json-schema (2.8.1)
      addressable (>= 2.4)
    json-schema-rspec (0.0.4)
      json-schema (~> 2.5)
      rspec
    listen (3.3.3)
      rb-fsevent (~> 0.10, >= 0.10.3)
      rb-inotify (~> 0.9, >= 0.9.10)
    locale (2.1.3)
    metaclass (0.0.4)
    mocha (0.12.10)
      metaclass (~> 0.0.1)
    multi_json (1.15.0)
    multipart-post (2.1.1)
    nats-pure (0.6.2)
    parallel (1.20.1)
    parser (2.7.2.0)
      ast (~> 2.4.1)
    public_suffix (4.0.6)
    puppet (6.19.1)
      concurrent-ruby (~> 1.0)
      deep_merge (~> 1.0)
      facter (> 2.0.1, < 5)
      fast_gettext (~> 1.1)
      hiera (>= 3.2.1, < 4)
      httpclient (~> 2.8)
      locale (~> 2.1)
      multi_json (~> 1.10)
      puppet-resource_api (~> 1.5)
      semantic_puppet (~> 1.0)
    puppet-resource_api (1.8.13)
      hocon (>= 1.0)
    rainbow (3.0.0)
    rake (13.0.3)
    rb-fsevent (0.10.4)
    rb-inotify (0.10.1)
      ffi (~> 1.0)
    regexp_parser (2.0.1)
    rexml (3.2.4)
    rspec (3.9.0)
      rspec-core (~> 3.9.0)
      rspec-expectations (~> 3.9.0)
      rspec-mocks (~> 3.9.0)
    rspec-core (3.9.3)
      rspec-support (~> 3.9.3)
    rspec-expectations (3.9.4)
      diff-lcs (>= 1.2.0, < 2.0)
      rspec-support (~> 3.9.0)
    rspec-mocks (3.9.1)
      diff-lcs (>= 1.2.0, < 2.0)
      rspec-support (~> 3.9.0)
    rspec-support (3.9.4)
    rubocop (1.6.1)
      parallel (~> 1.10)
      parser (>= 2.7.1.5)
      rainbow (>= 2.2.2, < 4.0)
      regexp_parser (>= 1.8, < 3.0)
      rexml
      rubocop-ast (>= 1.2.0, < 2.0)
      ruby-progressbar (~> 1.7)
      unicode-display_width (>= 1.4.0, < 2.0)
    rubocop-ast (1.3.0)
      parser (>= 2.7.1.5)
    ruby-progressbar (1.10.1)
    semantic_puppet (1.0.2)
    simplecov (0.16.1)
      docile (~> 1.1)
      json (>= 1.8, < 3)
      simplecov-html (~> 0.10.0)
    simplecov-html (0.10.2)
    sync (0.5.0)
    systemu (2.6.5)
    term-ansicolor (1.7.1)
      tins (~> 1.0)
    thor (1.0.1)
    tins (1.26.0)
      sync
    unicode-display_width (1.7.0)
    webmock (3.11.0)
      addressable (>= 2.3.6)
      crack (>= 0.3.2)
      hashdiff (>= 0.4.0, < 2.0.0)
    yard (0.9.25)

PLATFORMS
  ruby

DEPENDENCIES
  choria-mcorpc-support
  coveralls
  diplomat (~> 2)
  etcdv3
  jgrep (>= 1.5.0)
  json (= 2.4.1)
  json-schema-rspec
  listen (~> 3)
  mocha (~> 0.12.2)
  nats-pure (~> 0.6)
  puppet (~> 6)
  rake (>= 12.3.3)
  rspec (~> 3.9.0)
  rubocop (= 1.6.1)
  semantic_puppet
  webmock
  yard

BUNDLED WITH
   2.1.4
